GEM
  remote: https://rubygems.org/
  specs:
    bigdecimal (3.0.2)
    power_assert (2.0.0)
    test-unit (3.4.4)
      power_assert

PLATFORMS
  x86_64-darwin-20

DEPENDENCIES
  bigdecimal
  test-unit

BUNDLED WITH
   2.2.24
